PATH
  remote: .
  specs:
    rbbcc (0.6.1)

GEM
  remote: https://rubygems.org/
  specs:
    coderay (1.1.3)
    method_source (1.0.0)
    minitest (5.14.2)
    pry (0.13.1)
      coderay (~> 1.1)
      method_source (~> 1.0)
    rake (13.0.1)

PLATFORMS
  ruby

DEPENDENCIES
  bundler (~> 2.0)
  minitest (>= 5)
  pry (~> 0.12)
  rake (~> 13.0)
  rbbcc!

BUNDLED WITH
   2.1.4
