PATH
  remote: .
  specs:
    rbbcc (0.6.0)

GEM
  remote: https://rubygems.org/
  specs:
    coderay (1.1.2)
    method_source (0.9.2)
    minitest (5.14.0)
    pry (0.12.2)
      coderay (~> 1.1.0)
      method_source (~> 0.9.0)
    rake (13.0.1)

PLATFORMS
  ruby

DEPENDENCIES
  bundler (~> 2.0)
  minitest (>= 5)
  pry (~> 0.12)
  rake (~> 13.0)
  rbbcc!

BUNDLED WITH
   2.1.4
