GIT
  remote: https://github.com/udzura/rbbcc-hello.git
  revision: 2e1af47d22e7cc92e970dc6c058e113cf00821db
  specs:
    rbbcc-hello (0.1.0)
      rbbcc

PATH
  remote: .
  specs:
    rbbcc (0.6.3)

GEM
  remote: https://rubygems.org/
  specs:
    appbundler (0.13.2)
      mixlib-cli (>= 1.4, < 3.0)
      mixlib-shellout (>= 2.0, < 4.0)
    chef-utils (16.6.14)
    coderay (1.1.3)
    method_source (1.0.0)
    minitest (5.14.2)
    mixlib-cli (2.1.8)
    mixlib-shellout (3.2.2)
      chef-utils
    pry (0.13.1)
      coderay (~> 1.1)
      method_source (~> 1.0)
    rake (13.0.1)

PLATFORMS
  ruby

DEPENDENCIES
  appbundler
  bundler (~> 2.0)
  minitest (>= 5)
  pry (~> 0.12)
  rake (~> 13.0)
  rbbcc!
  rbbcc-hello!

BUNDLED WITH
   2.1.4
