GIT
  remote: https://github.com/udzura/rbbcc-hello.git
  revision: 2e1af47d22e7cc92e970dc6c058e113cf00821db
  specs:
    rbbcc-hello (0.1.0)
      rbbcc

PATH
  remote: .
  specs:
    rbbcc (0.7.0)

GEM
  remote: https://rubygems.org/
  specs:
    appbundler (0.13.4)
      mixlib-cli (>= 1.4, < 3.0)
      mixlib-shellout (>= 2.0, < 4.0)
    chef-utils (17.10.0)
      concurrent-ruby
    coderay (1.1.3)
    concurrent-ruby (1.1.10)
    method_source (1.0.0)
    minitest (5.16.1)
    mixlib-cli (2.1.8)
    mixlib-shellout (3.2.7)
      chef-utils
    pry (0.14.1)
      coderay (~> 1.1)
      method_source (~> 1.0)
    rake (13.0.6)
    specific_install (0.3.7)

PLATFORMS
  aarch64-linux
  arm64-darwin-21

DEPENDENCIES
  appbundler
  bundler (~> 2.0)
  minitest (>= 5)
  pry (~> 0.12)
  rake (~> 13.0)
  rbbcc!
  rbbcc-hello!
  specific_install

BUNDLED WITH
   2.3.16
